GEM
  remote: https://rubygems.org/
  specs:
    hashie (5.0.0)
    parallel (1.22.1)
    terminal-table (3.0.2)
      unicode-display_width (>= 1.1.1, < 3)
    unicode-display_width (2.3.0)

PLATFORMS
  arm64-darwin-21

DEPENDENCIES
  hashie (~> 5.0)
  parallel (~> 1.22)
  terminal-table (~> 3.0)

BUNDLED WITH
   2.3.17
